GEM
  remote: https://rubygems.org/
  specs:
    actionpack (7.0.4.1)
      actionview (= 7.0.4.1)
      activesupport (= 7.0.4.1)
      rack (~> 2.0, >= 2.2.0)
      rack-test (>= 0.6.3)
      rails-dom-testing (~> 2.0)
      rails-html-sanitizer (~> 1.0, >= 1.2.0)
    actionview (7.0.4.1)
      activesupport (= 7.0.4.1)
      builder (~> 3.1)
      erubi (~> 1.4)
      rails-dom-testing (~> 2.0)
      rails-html-sanitizer (~> 1.1, >= 1.2.0)
    activesupport (7.0.4.1)
      concurrent-ruby (~> 1.0, >= 1.0.2)
      i18n (>= 1.6, < 2)
      minitest (>= 5.1)
      tzinfo (~> 2.0)
    bigdecimal (3.1.8)
    builder (3.2.4)
    concurrent-ruby (1.3.4)
    crass (1.0.6)
    dotenv (3.1.4)
    dotenv-rails (2.7.6)
      dotenv (= 2.7.6)
      railties (>= 3.2)
    dry-core (1.0.2)
      concurrent-ruby (~> 1.0)
    dry-inflector (1.1.0)
    dry-logic (1.5.0)
      concurrent-ruby (~> 1.0)
      dry-core (~> 1.0, < 2)
      zeitwerk (~> 2.6)
    dry-struct (1.6.0)
      dry-core (~> 1.0, < 2)
      dry-types (>= 1.7, < 2)
      ice_nine (~> 0.11)
      zeitwerk (~> 2.6)
    dry-types (1.7.2)
      bigdecimal (~> 3.0)
      concurrent-ruby (~> 1.0)
      dry-core (~> 1.0)
      dry-inflector (~> 1.0)
      dry-logic (~> 1.4)
      zeitwerk (~> 2.6)
    erubi (1.12.0)
    faraday (2.12.0)
      faraday-net_http (>= 2.0, < 3.4)
      json
      logger
    faraday-multipart (1.0.4)
      multipart-post (~> 2)
    faraday-net_http (3.3.0)
      net-http
    ice_nine (0.11.2)
    json (2.7.5)
    loofah (2.19.1)
      crass (~> 1.0.2)
      nokogiri (>= 1.5.9)
    logger (1.6.1)
    mini_portile2 (2.8.1)
    minitest (5.17.0)
    multipart-post (2.4.1)
    net-http (0.4.1)
      uri
    nokogiri (1.14.0)
      mini_portile2 (~> 2.8.0)
      racc (~> 1.4)
    racc (1.6.2)
    rack (2.2.6.2)
    rack-test (2.0.2)
      rack (>= 1.3)
    rails-dom-testing (2.0.3)
      activesupport (>= 4.2.0)
      nokogiri (>= 1.6)
    rails-html-sanitizer (1.4.4)
      loofah (~> 2.19, >= 2.19.1)
    railties (7.0.4.1)
      actionpack (= 7.0.4.1)
      activesupport (= 7.0.4.1)
      method_source
      rake (>= 12.2)
      thor (~> 1.0)
      zeitwerk (~> 2.5)
    rake (13.0.6)
    ruby2_keywords (0.0.5)
    telegram-bot-ruby (2.0.0)
      dry-struct (~> 1.6)
      faraday (~> 2.0)
      faraday-multipart (~> 1.0)
      zeitwerk (~> 2.6)
    thor (1.2.1)
    thread_safe (0.3.6)
    tzinfo (2.0.5)
      concurrent-ruby (~> 1.0)
    zeitwerk (2.7.1)

PLATFORMS
  ruby
  x86_64-linux

DEPENDENCIES
  dotenv
  telegram-bot-ruby

RUBY VERSION
   ruby 3.3.2p78

BUNDLED WITH
   2.5.22
